PATH
  remote: .
  specs:
    kele (0.0.1)
      httparty (~> 0.13)

GEM
  remote: https://rubygems.org/
  specs:
    dotenv (2.2.1)
    httparty (0.15.6)
      multi_xml (>= 0.5.2)
    json (1.8.6)
    multi_xml (0.6.0)

PLATFORMS
  ruby

DEPENDENCIES
  dotenv
  httparty (~> 0.15.6)
  json (~> 1.8, >= 1.8.6)
  kele!

BUNDLED WITH
   1.15.3
